GEM
  specs:
    posix-spawn (0.3.6)
    pygments.rb (0.3.7)
      posix-spawn (~> 0.3.6)
      yajl-ruby (~> 1.1.0)
    redcarpet (2.2.2)
    yajl-ruby (1.1.0)

PLATFORMS
  ruby

DEPENDENCIES
  posix-spawn (= 0.3.6)
  pygments.rb (= 0.3.7)
  redcarpet (= 2.2.2)
  yajl-ruby (= 1.1.0)
